GEM
  remote: https://rubygems.org/
  specs:
    mailgun (0.7)
      multimap
      rest-client
    mime-types (1.25)
    multimap (1.1.2)
    rest-client (1.6.7)
      mime-types (>= 1.16)

PLATFORMS
  ruby

DEPENDENCIES
  mailgun
  rest-client
